PATH
  remote: .
  specs:
    disqussion (0.0.5)
      faraday (~> 0.8)
      faraday_middleware (>= 0.9)
      hashie (~> 1.2)
      multi_json (~> 1.5)
      rash (~> 0.3)

GEM
  remote: http://rubygems.org/
  specs:
    addressable (2.3.2)
    crack (0.3.2)
    diff-lcs (1.1.3)
    faraday (0.8.4)
      multipart-post (~> 1.1)
    faraday_middleware (0.9.0)
      faraday (>= 0.7.4, < 0.9)
    hashie (1.2.0)
    json (1.7.6)
    maruku (0.6.0)
      syntax (>= 1.0.0)
    multi_json (1.5.0)
    multipart-post (1.1.5)
    nokogiri (1.5.6)
    rake (10.0.3)
    rash (0.3.2)
      hashie (~> 1.2.0)
    rspec (2.12.0)
      rspec-core (~> 2.12.0)
      rspec-expectations (~> 2.12.0)
      rspec-mocks (~> 2.12.0)
    rspec-core (2.12.2)
    rspec-expectations (2.12.1)
      diff-lcs (~> 1.1.3)
    rspec-mocks (2.12.1)
    simplecov (0.7.1)
      multi_json (~> 1.0)
      simplecov-html (~> 0.7.1)
    simplecov-html (0.7.1)
    syntax (1.0.0)
    webmock (1.9.0)
      addressable (>= 2.2.7)
      crack (>= 0.1.7)
    yard (0.8.3)

PLATFORMS
  ruby

DEPENDENCIES
  disqussion!
  json (~> 1.7)
  maruku (~> 0.6)
  nokogiri (~> 1.5)
  rake (>= 10.0)
  rspec (>= 2.11)
  simplecov (~> 0.7)
  webmock (~> 1.9)
  yard (~> 0.8)
